GEM
  remote: https://rubygems.org/
  specs:
    actioncable (7.0.8.1)
      actionpack (= 7.0.8.1)
      activesupport (= 7.0.8.1)
      nio4r (~> 2.0)
      websocket-driver (>= 0.6.1)
    actionmailbox (7.0.8.1)
      actionpack (= 7.0.8.1)
      activejob (= 7.0.8.1)
      activerecord (= 7.0.8.1)
      activestorage (= 7.0.8.1)
      activesupport (= 7.0.8.1)
      mail (>= 2.7.1)
      net-imap
      net-pop
      net-smtp
    actionmailer (7.0.8.1)
      actionpack (= 7.0.8.1)
      actionview (= 7.0.8.1)
      activejob (= 7.0.8.1)
      activesupport (= 7.0.8.1)
      mail (~> 2.5, >= 2.5.4)
      net-imap
      net-pop
      net-smtp
      rails-dom-testing (~> 2.0)
    actionpack (7.0.8.1)
      actionview (= 7.0.8.1)
      activesupport (= 7.0.8.1)
      rack (~> 2.0, >= 2.2.4)
      rack-test (>= 0.6.3)
      rails-dom-testing (~> 2.0)
      rails-html-sanitizer (~> 1.0, >= 1.2.0)
    actiontext (7.0.8.1)
      actionpack (= 7.0.8.1)
      activerecord (= 7.0.8.1)
      activestorage (= 7.0.8.1)
      activesupport (= 7.0.8.1)
      globalid (>= 0.6.0)
      nokogiri (>= 1.8.5)
    actionview (7.0.8.1)
      activesupport (= 7.0.8.1)
      builder (~> 3.1)
      erubi (~> 1.4)
      rails-dom-testing (~> 2.0)
      rails-html-sanitizer (~> 1.1, >= 1.2.0)
    activejob (7.0.8.1)
      activesupport (= 7.0.8.1)
      globalid (>= 0.3.6)
    activemodel (7.0.8.1)
      activesupport (= 7.0.8.1)
    activerecord (7.0.8.1)
      activemodel (= 7.0.8.1)
      activesupport (= 7.0.8.1)
    activestorage (7.0.8.1)
      actionpack (= 7.0.8.1)
      activejob (= 7.0.8.1)
      activerecord (= 7.0.8.1)
      activesupport (= 7.0.8.1)
      marcel (~> 1.0)
      mini_mime (>= 1.1.0)
    activesupport (7.0.8.1)
      concurrent-ruby (~> 1.0, >= 1.0.2)
      i18n (>= 1.6, < 2)
      minitest (>= 5.1)
      tzinfo (~> 2.0)
    addressable (2.8.7)
      public_suffix (>= 2.0.2, < 7.0)
    administrate (0.20.1)
      actionpack (>= 6.0, < 8.0)
      actionview (>= 6.0, < 8.0)
      activerecord (>= 6.0, < 8.0)
      jquery-rails (~> 4.6.0)
      kaminari (~> 1.2.2)
      sassc-rails (~> 2.1)
      selectize-rails (~> 0.6)
    administrate-field-active_storage (1.0.3)
      administrate (>= 0.2.2)
      rails (>= 7.0)
    ast (2.4.2)
    aws-eventstream (1.3.0)
    aws-partitions (1.946.0)
    aws-sdk-core (3.197.2)
      aws-eventstream (~> 1, >= 1.3.0)
      aws-partitions (~> 1, >= 1.651.0)
      aws-sigv4 (~> 1.8)
      jmespath (~> 1, >= 1.6.1)
    aws-sdk-kms (1.85.0)
      aws-sdk-core (~> 3, >= 3.197.0)
      aws-sigv4 (~> 1.1)
    aws-sdk-s3 (1.152.3)
      aws-sdk-core (~> 3, >= 3.197.0)
      aws-sdk-kms (~> 1)
      aws-sigv4 (~> 1.8)
    aws-sigv4 (1.8.0)
      aws-eventstream (~> 1, >= 1.0.2)
    base64 (0.2.0)
    bcrypt (3.1.20)
    bindex (0.8.1)
    bootsnap (1.18.3)
      msgpack (~> 1.2)
    brakeman (6.1.2)
      racc
    builder (3.3.0)
    bullet (7.1.6)
      activesupport (>= 3.0.0)
      uniform_notifier (~> 1.11)
    bundler-audit (0.9.1)
      bundler (>= 1.2.0, < 3)
      thor (~> 1.0)
    capybara (3.40.0)
      addressable
      matrix
      mini_mime (>= 0.1.3)
      nokogiri (~> 1.11)
      rack (>= 1.6.0)
      rack-test (>= 0.6.3)
      regexp_parser (>= 1.5, < 3.0)
      xpath (~> 3.2)
    childprocess (5.0.0)
    colorize (1.1.0)
    concurrent-ruby (1.3.3)
    crass (1.0.6)
    date (3.3.4)
    debug (1.8.0)
      irb (>= 1.5.0)
      reline (>= 0.3.1)
    devise (4.9.4)
      bcrypt (~> 3.0)
      orm_adapter (~> 0.1)
      railties (>= 4.1.0)
      responders
      warden (~> 1.2.3)
    diff-lcs (1.5.1)
    dockerfile-rails (1.6.17)
      rails (>= 3.0.0)
    dotenv (3.1.2)
    dotenv-rails (3.1.2)
      dotenv (= 3.1.2)
      railties (>= 6.1)
    erubi (1.13.0)
    factory_bot (6.4.6)
      activesupport (>= 5.0.0)
    factory_bot_rails (6.4.3)
      factory_bot (~> 6.4)
      railties (>= 5.0.0)
    faker (3.4.1)
      i18n (>= 1.8.11, < 2)
    ffi (1.17.0)
    foreman (0.88.1)
    friendly_id (5.4.2)
      activerecord (>= 4.0.0)
    globalid (1.2.1)
      activesupport (>= 6.1)
    htmlbeautifier (1.4.3)
    i18n (1.14.5)
      concurrent-ruby (~> 1.0)
    image_processing (1.12.2)
      mini_magick (>= 4.9.5, < 5)
      ruby-vips (>= 2.0.17, < 3)
    importmap-rails (2.0.1)
      actionpack (>= 6.0.0)
      activesupport (>= 6.0.0)
      railties (>= 6.0.0)
    io-console (0.7.2)
    irb (1.7.4)
      reline (>= 0.3.6)
    jbuilder (2.12.0)
      actionview (>= 5.0.0)
      activesupport (>= 5.0.0)
    jmespath (1.6.2)
    jquery-rails (4.6.0)
      rails-dom-testing (>= 1, < 3)
      railties (>= 4.2.0)
      thor (>= 0.14, < 2.0)
    json (2.7.2)
    kaminari (1.2.2)
      activesupport (>= 4.1.0)
      kaminari-actionview (= 1.2.2)
      kaminari-activerecord (= 1.2.2)
      kaminari-core (= 1.2.2)
    kaminari-actionview (1.2.2)
      actionview
      kaminari-core (= 1.2.2)
    kaminari-activerecord (1.2.2)
      activerecord
      kaminari-core (= 1.2.2)
    kaminari-core (1.2.2)
    language_server-protocol (3.17.0.3)
    launchy (3.0.1)
      addressable (~> 2.8)
      childprocess (~> 5.0)
    libyear-bundler (0.7.0)
      bundler (>= 1.14, < 3)
    logger (1.6.0)
    lograge (0.14.0)
      actionpack (>= 4)
      activesupport (>= 4)
      railties (>= 4)
      request_store (~> 1.0)
    loofah (2.22.0)
      crass (~> 1.0.2)
      nokogiri (>= 1.12.0)
    mail (2.8.1)
      mini_mime (>= 0.1.1)
      net-imap
      net-pop
      net-smtp
    mail_interceptor (0.0.7)
      activesupport
    marcel (1.0.4)
    matrix (0.4.2)
    meta-tags (2.21.0)
      actionpack (>= 6.0.0, < 7.2)
    method_source (1.1.0)
    mini_magick (4.13.1)
    mini_mime (1.1.5)
    minitest (5.24.0)
    mobility (1.2.9)
      i18n (>= 0.6.10, < 2)
      request_store (~> 1.0)
    mobility-actiontext (1.1.1)
      actiontext (>= 6.0)
      mobility (~> 1.2)
    msgpack (1.7.2)
    net-imap (0.4.14)
      date
      net-protocol
    net-pop (0.1.2)
      net-protocol
    net-protocol (0.2.2)
      timeout
    net-smtp (0.5.0)
      net-protocol
    next_rails (1.3.0)
      colorize (>= 0.8.1)
    nio4r (2.7.3)
    nokogiri (1.16.6-x86_64-linux)
      racc (~> 1.4)
    orm_adapter (0.5.0)
    parallel (1.25.1)
    parser (3.3.3.0)
      ast (~> 2.4.1)
      racc
    pg (1.5.6)
    public_suffix (6.0.0)
    puma (6.4.2)
      nio4r (~> 2.0)
    racc (1.8.0)
    rack (2.2.9)
    rack-test (2.1.0)
      rack (>= 1.3)
    rails (7.0.8.1)
      actioncable (= 7.0.8.1)
      actionmailbox (= 7.0.8.1)
      actionmailer (= 7.0.8.1)
      actionpack (= 7.0.8.1)
      actiontext (= 7.0.8.1)
      actionview (= 7.0.8.1)
      activejob (= 7.0.8.1)
      activemodel (= 7.0.8.1)
      activerecord (= 7.0.8.1)
      activestorage (= 7.0.8.1)
      activesupport (= 7.0.8.1)
      bundler (>= 1.15.0)
      railties (= 7.0.8.1)
    rails-dom-testing (2.2.0)
      activesupport (>= 5.0.0)
      minitest
      nokogiri (>= 1.6)
    rails-html-sanitizer (1.6.0)
      loofah (~> 2.21)
      nokogiri (~> 1.14)
    rails-i18n (7.0.9)
      i18n (>= 0.7, < 2)
      railties (>= 6.0.0, < 8)
    railties (7.0.8.1)
      actionpack (= 7.0.8.1)
      activesupport (= 7.0.8.1)
      method_source
      rake (>= 12.2)
      thor (~> 1.0)
      zeitwerk (~> 2.5)
    rainbow (3.1.1)
    rake (13.2.1)
    recaptcha (5.17.0)
    redis (4.8.1)
    regexp_parser (2.9.2)
    reline (0.5.9)
      io-console (~> 0.5)
    request_store (1.7.0)
      rack (>= 1.4)
    responders (3.1.1)
      actionpack (>= 5.2)
      railties (>= 5.2)
    rexml (3.3.0)
      strscan
    rspec-core (3.13.0)
      rspec-support (~> 3.13.0)
    rspec-expectations (3.13.1)
      diff-lcs (>= 1.2.0, < 2.0)
      rspec-support (~> 3.13.0)
    rspec-mocks (3.13.1)
      diff-lcs (>= 1.2.0, < 2.0)
      rspec-support (~> 3.13.0)
    rspec-rails (6.1.3)
      actionpack (>= 6.1)
      activesupport (>= 6.1)
      railties (>= 6.1)
      rspec-core (~> 3.13)
      rspec-expectations (~> 3.13)
      rspec-mocks (~> 3.13)
      rspec-support (~> 3.13)
    rspec-support (3.13.1)
    rubocop (1.64.1)
      json (~> 2.3)
      language_server-protocol (>= 3.17.0)
      parallel (~> 1.10)
      parser (>= 3.3.0.2)
      rainbow (>= 2.2.2, < 4.0)
      regexp_parser (>= 1.8, < 3.0)
      rexml (>= 3.2.5, < 4.0)
      rubocop-ast (>= 1.31.1, < 2.0)
      ruby-progressbar (~> 1.7)
      unicode-display_width (>= 2.4.0, < 3.0)
    rubocop-ast (1.31.3)
      parser (>= 3.3.1.0)
    ruby-progressbar (1.13.0)
    ruby-vips (2.2.1)
      ffi (~> 1.12)
    rubyzip (2.3.2)
    sassc (2.4.0)
      ffi (~> 1.9)
    sassc-rails (2.1.2)
      railties (>= 4.0.0)
      sassc (>= 2.0)
      sprockets (> 3.0)
      sprockets-rails
      tilt
    selectize-rails (0.12.6)
    selenium-webdriver (4.22.0)
      base64 (~> 0.2)
      logger (~> 1.4)
      rexml (~> 3.2, >= 3.2.5)
      rubyzip (>= 1.2.2, < 3.0)
      websocket (~> 1.0)
    show_me_the_cookies (6.0.0)
      capybara (>= 2, < 4)
    sprockets (4.2.1)
      concurrent-ruby (~> 1.0)
      rack (>= 2.2.4, < 4)
    sprockets-rails (3.5.1)
      actionpack (>= 6.1)
      activesupport (>= 6.1)
      sprockets (>= 3.0.0)
    stimulus-rails (1.3.3)
      railties (>= 6.0.0)
    strscan (3.1.0)
    tailwindcss-rails (2.6.1-x86_64-linux)
      railties (>= 7.0.0)
    thor (1.3.1)
    tilt (2.3.0)
    timeout (0.4.1)
    turbo-rails (2.0.5)
      actionpack (>= 6.0.0)
      activejob (>= 6.0.0)
      railties (>= 6.0.0)
    tzinfo (2.0.6)
      concurrent-ruby (~> 1.0)
    unicode-display_width (2.5.0)
    uniform_notifier (1.16.0)
    warden (1.2.9)
      rack (>= 2.0.9)
    web-console (4.2.1)
      actionview (>= 6.0.0)
      activemodel (>= 6.0.0)
      bindex (>= 0.4.0)
      railties (>= 6.0.0)
    websocket (1.2.10)
    websocket-driver (0.7.6)
      websocket-extensions (>= 0.1.0)
    websocket-extensions (0.1.5)
    xpath (3.2.0)
      nokogiri (~> 1.8)
    zeitwerk (2.6.16)

PLATFORMS
  x86_64-linux

DEPENDENCIES
  administrate
  administrate-field-active_storage
  aws-sdk-s3
  bootsnap
  brakeman
  bullet
  bundler-audit
  capybara
  debug
  devise
  dockerfile-rails (>= 1.2)
  dotenv-rails
  factory_bot_rails
  faker
  foreman
  friendly_id (~> 5.4.0)
  htmlbeautifier
  image_processing
  importmap-rails
  jbuilder
  launchy
  libyear-bundler
  lograge
  mail_interceptor
  meta-tags
  mobility
  mobility-actiontext
  next_rails
  pg (~> 1.1)
  puma (< 7)
  rails (= 7.0.8.1)
  rails-i18n
  recaptcha
  redis (~> 4.0)
  rspec-rails
  rubocop
  selenium-webdriver
  show_me_the_cookies
  sprockets-rails
  stimulus-rails
  tailwindcss-rails (~> 2.0)
  turbo-rails
  tzinfo-data
  web-console

RUBY VERSION
   ruby 3.1.2p20

BUNDLED WITH
   2.5.14
